PATH
  remote: .
  specs:
    twilio-lookups (0.0.1)
      builder (>= 2.1.2)
      jwt (~> 0.1.4)
      multi_json (>= 1.3.0)

GEM
  remote: https://rubygems.org/
  specs:
    builder (3.2.2)
    diff-lcs (1.2.5)
    fakeweb (1.3.0)
    jwt (0.1.13)
      multi_json (>= 1.5)
    multi_json (1.11.2)
    rack (1.6.4)
    rake (10.4.2)
    rspec (3.3.0)
      rspec-core (~> 3.3.0)
      rspec-expectations (~> 3.3.0)
      rspec-mocks (~> 3.3.0)
    rspec-core (3.3.2)
      rspec-support (~> 3.3.0)
    rspec-expectations (3.3.1)
      diff-lcs (>= 1.2.0, < 2.0)
      rspec-support (~> 3.3.0)
    rspec-mocks (3.3.2)
      diff-lcs (>= 1.2.0, < 2.0)
      rspec-support (~> 3.3.0)
    rspec-support (3.3.0)

PLATFORMS
  ruby

DEPENDENCIES
  bundler (~> 1.5)
  fakeweb (~> 1.3)
  rack (~> 1.3)
  rake (~> 10.1)
  rspec (~> 3.0)
  twilio-lookups!
